GEM
  remote: http://rubygems.org/
  specs:
    activesupport (3.1.3)
      multi_json (~> 1.0)
    addressable (2.2.6)
    bson (1.5.2)
    bson_ext (1.5.2)
      bson (= 1.5.2)
    coffee-script (2.2.0)
      coffee-script-source
      execjs
    coffee-script-source (1.1.3)
    em-mongo (0.4.1)
      bson (>= 1.1.3)
      bson_ext (>= 1.1.3)
      eventmachine (>= 0.12.10)
    em-websocket (0.3.5)
      addressable (>= 2.1.1)
      eventmachine (>= 0.12.9)
    eventmachine (0.12.10)
    execjs (1.2.12)
      multi_json (~> 1.0)
    i18n (0.6.0)
    json (1.6.3)
    kgio (2.7.0)
    libv8 (3.3.10.4)
    mongo (1.5.2)
      bson (= 1.5.2)
    multi_json (1.0.4)
    nokogiri (1.5.0)
    rack (1.3.5)
    rack-protection (1.1.4)
      rack
    raindrops (0.8.0)
    rubyzip (0.9.5)
    sass (3.1.12)
    shotgun (0.9)
      rack (>= 1.0)
    sinatra (1.3.1)
      rack (~> 1.3, >= 1.3.4)
      rack-protection (~> 1.1, >= 1.1.2)
      tilt (~> 1.3, >= 1.3.3)
    therubyracer (0.9.9)
      libv8 (~> 3.3.10)
    tilt (1.3.3)
    unicorn (4.1.1)
      kgio (~> 2.4)
      rack
      raindrops (~> 0.6)

PLATFORMS
  ruby

DEPENDENCIES
  activesupport (>= 3.1.0)
  bson_ext (>= 1.5.1)
  coffee-script (>= 2.2)
  em-mongo (>= 0.4.1)
  em-websocket (>= 0.3.5)
  eventmachine (>= 0.12.10)
  i18n
  json (>= 1.5.0)
  mongo (>= 1.5.1)
  nokogiri (>= 1.5.0)
  rubyzip (>= 0.9.5)
  sass (>= 3.1.11)
  shotgun (>= 0.9)
  sinatra (>= 1.3.1)
  therubyracer (>= 0.9.9)
  unicorn (>= 4.0.0)
